GEM
  remote: https://rubygems.org/
  specs:
    ffi (1.9.6)
    filesize (0.0.4)
    rb-inotify (0.9.5)
      ffi (>= 0.5.0)

PLATFORMS
  ruby

DEPENDENCIES
  filesize
  rb-inotify
